GEM
  remote: https://rubygems.org/
  specs:
    byebug (8.2.0)
    coderay (1.1.0)
    dotenv (2.0.2)
    faraday (0.9.2)
      multipart-post (>= 1.2, < 3)
    json (1.8.3)
    logger (1.2.8)
    method_source (0.8.2)
    multipart-post (2.0.0)
    oj (2.13.0)
    pry (0.10.3)
      coderay (~> 1.1.0)
      method_source (~> 0.8.1)
      slop (~> 3.4)
    pry-byebug (3.3.0)
      byebug (~> 8.0)
      pry (~> 0.10)
    slop (3.6.0)
    togglv8 (0.2.0)
      faraday
      logger
      oj

PLATFORMS
  ruby

DEPENDENCIES
  byebug
  dotenv
  json
  pry
  pry-byebug
  togglv8

BUNDLED WITH
   1.10.6
