GEM
  remote: https://rubygems.org/
  specs:
    awesome_print (1.6.1)
    byebug (8.2.0)
    dotenv (2.0.2)
    faraday (0.9.2)
      multipart-post (>= 1.2, < 3)
    json (1.8.3)
    logger (1.2.8)
    multipart-post (2.0.0)
    oj (2.13.0)
    slop (4.2.0)
    togglv8 (0.2.0)
      faraday
      logger
      oj

PLATFORMS
  ruby

DEPENDENCIES
  awesome_print
  byebug
  dotenv
  json
  slop (~> 4.2)
  togglv8

BUNDLED WITH
   1.10.6
